GEM
  remote: http://rubygems.org/
  specs:
    adsf (1.2.0)
      rack (>= 1.0.0)
    builder (3.2.2)
    celluloid (0.15.2)
      timers (~> 1.1.0)
    chunky_png (1.3.1)
    coderay (1.1.0)
    colored (1.2)
    compass (0.12.7)
      chunky_png (~> 1.2)
      fssm (>= 0.2.7)
      sass (~> 3.2.19)
    cri (2.6.1)
      colored (~> 1.2)
    ffi (1.9.3)
    formatador (0.2.5)
    fssm (0.2.10)
    guard (2.6.1)
      formatador (>= 0.2.4)
      listen (~> 2.7)
      lumberjack (~> 1.0)
      pry (>= 0.9.12)
      thor (>= 0.18.1)
    guard-nanoc (1.0.2)
      guard (>= 1.8.0)
      nanoc (>= 3.6.3)
    kramdown (1.4.1)
    listen (2.7.9)
      celluloid (>= 0.15.2)
      rb-fsevent (>= 0.9.3)
      rb-inotify (>= 0.9)
    lumberjack (1.0.9)
    method_source (0.8.2)
    mime-types (2.3)
    mini_portile (0.6.0)
    nanoc (3.7.1)
      cri (~> 2.3)
    nokogiri (1.6.3.1)
      mini_portile (= 0.6.0)
    pry (0.10.0)
      coderay (~> 1.1.0)
      method_source (~> 0.8.1)
      slop (~> 3.4)
    rack (1.5.2)
    rainpress (1.0)
    rake (10.3.2)
    rb-fsevent (0.9.4)
    rb-inotify (0.9.5)
      ffi (>= 0.5.0)
    sass (3.2.19)
    slop (3.6.0)
    thor (0.19.1)
    timers (1.1.0)

PLATFORMS
  ruby

DEPENDENCIES
  adsf
  builder
  coderay
  compass
  guard-nanoc
  kramdown
  mime-types
  nanoc
  nokogiri
  rainpress
  rake
